GEM
  remote: https://rubygems.org/
  specs:
    colorize (0.8.1)
    mini_portile2 (2.4.0)
    nokogiri (1.10.9)
      mini_portile2 (~> 2.4.0)
    zlib (1.1.0)

PLATFORMS
  ruby

DEPENDENCIES
  colorize
  nokogiri
  zlib

BUNDLED WITH
   2.1.4
