GEM
  remote: https://rubygems.org/
  specs:
    colorize (0.8.1)
    mini_portile2 (2.5.1)
    nokogiri (1.11.4)
      mini_portile2 (~> 2.5.0)
      racc (~> 1.4)
    racc (1.5.2)
    zlib (1.1.0)

PLATFORMS
  ruby

DEPENDENCIES
  colorize
  nokogiri
  zlib

BUNDLED WITH
   2.1.4
